STORAGE: NONE
RESTRICTION: == netcoreapp2.1
NUGET
  remote: https://api.nuget.org/v3/index.json
    FSharp.Core (4.7)
    Microsoft.Packaging.Tools.Trimming (1.1.0-preview1-26619-01)
  remote: https://dotnet.myget.org/F/dotnet-core/api/v3/index.json
    ILLink.Tasks (0.1.5-preview-1841731)

GROUP Build
NUGET
  remote: https://www.nuget.org/api/v2
    FAKE (5.16)
